GEM
  remote: https://rubygems.org/
  specs:

PLATFORMS
  arm64-darwin-21
  x86_64-linux

DEPENDENCIES

RUBY VERSION
   ruby 2.7.6p219

BUNDLED WITH
   2.3.22
